{
	"TaskName": "ssvep",
	"Manufacturer": "eego mylab (ANT Neuro)",
	"PowerLineFrequency": 50.0,
	"SamplingFrequency": 1000.0,
	"SoftwareFilters": "n/a",
	"RecordingDuration": 969.559,
	"RecordingType": "continuous",
	"EEGReference": "n/a",
	"EEGGround": "n/a",
	"EEGPlacementScheme": "10-05 system",
	"EEGChannelCount": 31,
	"EOGChannelCount": 0,
	"ECGChannelCount": 0,
	"EMGChannelCount": 0,
	"TriggerChannelCount": 0,
	"ManufacturersModelName": "eego mylab (ANT Neuro)",
	"HardwareFilters": "n/a",
	"TaskDescription": "[covert_attention] One-to-two combined SSVEP with overlapping stimuli Trial duration: 5.0s, stimulus frequencies: [14.17, 12.14, 9.44, 7.73] Hz.",
	"Instructions": "n/a",
	"InstitutionName": "Shandong University",
	"InstitutionAddress": "CN",
	"InstitutionalDepartmentName": "n/a",
	"CapManufacturer": "n/a",
	"CapManufacturersModelName": "n/a",
	"SubjectArtefactDescription": "n/a",
	"DeviceSerialNumber": "n/a",
	"Description": "EEG recording.",
	"MISCChannelCount": 0
}